GEM
  remote: http://rubygems.org/
  specs:
    haml (3.1.2)
    rack (1.3.2)
    rdiscount (1.6.8)
    ri_cal (0.8.8)
    sinatra (1.2.6)
      rack (~> 1.1)
      tilt (< 2.0, >= 1.2.2)
    tilt (1.3.3)
    tzinfo (0.3.29)

PLATFORMS
  ruby

DEPENDENCIES
  haml
  rdiscount
  ri_cal
  sinatra
  tzinfo
