GEM
  remote: http://rubygems.org/
  specs:
    rack (1.3.3)
    rdiscount (1.6.8)
    ri_cal (0.8.8)
    sass (3.1.7)
    sinatra (1.2.6)
      rack (~> 1.1)
      tilt (>= 1.2.2, < 2.0)
    tilt (1.3.3)
    tzinfo (0.3.29)

PLATFORMS
  ruby

DEPENDENCIES
  rdiscount
  ri_cal
  sass
  sinatra
  tzinfo
